GEM
  remote: https://rubygems.org/
  specs:
    activesupport (4.2.6)
      i18n (~> 0.7)
      json (~> 1.7, >= 1.7.7)
      minitest (~> 5.1)
      thread_safe (~> 0.3, >= 0.3.4)
      tzinfo (~> 1.1)
    addressable (2.5.2)
      public_suffix (>= 2.0.2, < 4.0)
    artifactory (2.3.2)
    aws-sdk (2.3.8)
      aws-sdk-resources (= 2.3.8)
    aws-sdk-core (2.3.8)
      jmespath (~> 1.0)
    aws-sdk-resources (2.3.8)
      aws-sdk-core (= 2.3.8)
    berkshelf (5.6.5)
      addressable (~> 2.3, >= 2.3.4)
      berkshelf-api-client (>= 2.0.2, < 4.0)
      buff-config (~> 2.0)
      buff-extensions (~> 2.0)
      buff-shell_out (~> 1.0)
      cleanroom (~> 1.0)
      faraday (~> 0.9)
      httpclient (~> 2.7)
      minitar (~> 0.5, >= 0.5.4)
      mixlib-archive (~> 0.4)
      octokit (~> 4.0)
      retryable (~> 2.0)
      ridley (~> 5.0)
      solve (> 2.0, < 4.0)
      thor (~> 0.19, < 0.19.2)
    berkshelf-api-client (3.0.0)
      faraday (~> 0.9)
      httpclient (~> 2.7)
      ridley (>= 4.5, < 6.0)
    buff-config (2.0.0)
      buff-extensions (~> 2.0)
      varia_model (~> 0.6)
    buff-extensions (2.0.0)
    buff-ignore (1.2.0)
    buff-ruby_engine (1.0.0)
    buff-shell_out (1.1.0)
      buff-ruby_engine (~> 1.0)
    celluloid (0.16.0)
      timers (~> 4.0.0)
    celluloid-io (0.16.2)
      celluloid (>= 0.16.0)
      nio4r (>= 1.1.0)
    cfndsl (0.15.3)
    chef-config (13.6.4)
      addressable
      fuzzyurl
      mixlib-config (~> 2.0)
      mixlib-shellout (~> 2.0)
    cleanroom (1.0.0)
    diffy (3.0.7)
    erubis (2.7.0)
    excon (0.49.0)
    faraday (0.13.1)
      multipart-post (>= 1.2, < 3)
    fuzzyurl (0.9.0)
    hashie (3.5.7)
    hitimes (1.2.6)
    httpclient (2.8.3)
    i18n (0.7.0)
    jmespath (1.2.4)
      json_pure (>= 1.8.1)
    json (1.8.6)
    json_pure (1.8.3)
    kitchen-ec2 (0.10.0)
      aws-sdk (~> 2)
      excon
      multi_json
      test-kitchen (~> 1.4, >= 1.4.1)
    kitchen-sync (1.1.1)
      net-sftp
      test-kitchen (>= 1.0.0)
    kitchen-vagrant (1.3.2)
      test-kitchen (~> 1.4)
    minitar (0.6.1)
    minitest (5.9.0)
    mixlib-archive (0.4.1)
      mixlib-log
    mixlib-authentication (1.4.2)
    mixlib-config (2.2.4)
    mixlib-install (1.0.12)
      artifactory
      mixlib-shellout
      mixlib-versioning
    mixlib-log (1.7.1)
    mixlib-shellout (2.2.6)
    mixlib-versioning (1.1.0)
    molinillo (0.6.4)
    multi_json (1.12.1)
    multipart-post (2.0.0)
    net-scp (1.2.1)
      net-ssh (>= 2.6.5)
    net-sftp (2.1.2)
      net-ssh (>= 2.6.5)
    net-ssh (2.9.4)
    nio4r (2.2.0)
    octokit (4.8.0)
      sawyer (~> 0.8.0, >= 0.5.3)
    parallel (1.6.2)
    public_suffix (3.0.1)
    retryable (2.0.4)
    ridley (5.1.1)
      addressable
      buff-config (~> 2.0)
      buff-extensions (~> 2.0)
      buff-ignore (~> 1.2)
      buff-shell_out (~> 1.0)
      celluloid (~> 0.16.0)
      celluloid-io (~> 0.16.1)
      chef-config (>= 12.5.0)
      erubis
      faraday (~> 0.9)
      hashie (>= 2.0.2, < 4.0.0)
      httpclient (~> 2.7)
      json (>= 1.7.7)
      mixlib-authentication (>= 1.3.0)
      retryable (~> 2.0)
      semverse (~> 2.0)
      varia_model (~> 0.6)
    safe_yaml (1.0.4)
    sawyer (0.8.1)
      addressable (>= 2.3.5, < 2.6)
      faraday (~> 0.8, < 1.0)
    semverse (2.0.0)
    solve (3.1.1)
      molinillo (>= 0.5)
      semverse (>= 1.1, < 3.0)
    test-kitchen (1.8.0)
      mixlib-install (~> 1.0, >= 1.0.4)
      mixlib-shellout (>= 1.2, < 3.0)
      net-scp (~> 1.1)
      net-ssh (>= 2.9, < 4.0)
      safe_yaml (~> 1.0)
      thor (~> 0.18)
    thor (0.19.1)
    thread_safe (0.3.5)
    timers (4.0.4)
      hitimes
    tzinfo (1.2.2)
      thread_safe (~> 0.1)
    varia_model (0.6.0)
      buff-extensions (~> 2.0)
      hashie (>= 2.0.2, < 4.0.0)

PLATFORMS
  ruby

DEPENDENCIES
  activesupport (~> 4.2.5)
  aws-sdk (~> 2.2)
  berkshelf (~> 5.6.5)
  cfndsl (~> 0.15.3)
  diffy (~> 3.0.7)
  kitchen-ec2 (~> 0.10.0)
  kitchen-sync (~> 1.1.1)
  kitchen-vagrant (~> 1.3)
  net-ssh (~> 2.9.2)
  parallel (~> 1.6.1)

BUNDLED WITH
   1.16.1
